NUGET
  remote: https://www.nuget.org/api/v2
    Tesseract (3.0.2)
